GIT
  remote: git://github.com/cloudfoundry/vmc-lib.git
  revision: 1042f5c63fb3cee7b75cd468c6d6a6e4ea0ae963
  submodules: true
  specs:
    cfoundry (0.5.1.rc5)
      cf-uaa-lib (~> 1.3.3)
      multi_json (~> 1.3)
      multipart-post (~> 1.1)
      rubyzip (~> 0.9)

GIT
  remote: git://github.com/cloudfoundry/vmc.git
  revision: 94374c63ea6b885148b0da5e0ef61574438ea980
  specs:
    vmc (0.5.0.rc2)
      cfoundry (>= 0.5.1.rc5, < 0.6)
      clouseau (~> 0.0)
      interact (~> 0.5)
      json_pure (~> 1.6)
      manifests-vmc-plugin (~> 0.6)
      mothership (>= 0.5.1, < 1.0)
      multi_json (~> 1.3)
      tunnel-vmc-plugin (~> 0.2)

PATH
  remote: .
  specs:
    tunnel-vmc-plugin (0.2.1.rc3)
      addressable (~> 2.2)
      caldecott-client (~> 0.0.2)
      cfoundry (~> 0.5.0)
      rest-client (~> 1.6)
      uuidtools (~> 2.1)

GEM
  remote: http://rubygems.org/
  specs:
    addressable (2.3.3)
    caldecott-client (0.0.2)
      multi_json (~> 1.3)
    cf-uaa-lib (1.3.7)
      multi_json
    clouseau (0.0.2)
      rubyzip (~> 0.9.9)
    crack (0.3.2)
    diff-lcs (1.2.1)
    gem-release (0.4.2)
    interact (0.5.2)
    json_pure (1.7.7)
    manifests-vmc-plugin (0.6.1)
      cfoundry (~> 0.5.0)
    mime-types (1.21)
    mothership (0.5.1)
    multi_json (1.6.1)
    multipart-post (1.2.0)
    rake (10.0.3)
    rest-client (1.6.7)
      mime-types (>= 1.16)
    rr (1.0.4)
    rspec (2.13.0)
      rspec-core (~> 2.13.0)
      rspec-expectations (~> 2.13.0)
      rspec-mocks (~> 2.13.0)
    rspec-core (2.13.0)
    rspec-expectations (2.13.0)
      diff-lcs (>= 1.1.3, < 2.0)
    rspec-mocks (2.13.0)
    rubyzip (0.9.9)
    uuidtools (2.1.3)
    webmock (1.10.1)
      addressable (>= 2.2.7)
      crack (>= 0.3.2)

PLATFORMS
  ruby

DEPENDENCIES
  cfoundry!
  gem-release
  rake
  rr (~> 1.0)
  rspec (~> 2.11)
  tunnel-vmc-plugin!
  vmc!
  webmock (~> 1.9)
