PATH
  remote: .
  specs:
    tunnel-vmc-plugin (0.1.10)
      addressable (~> 2.2)
      caldecott (~> 0.0.5)
      cfoundry (~> 0.4.0)
      eventmachine (~> 1.0.0.beta)
      rest-client (~> 1.6)

GEM
  remote: http://rubygems.org/
  specs:
    addressable (2.2.8)
    async_sinatra (0.5.0)
      rack (>= 1.2.1)
      sinatra (>= 1.0)
    caldecott (0.0.5)
      addressable (~> 2.2.6)
      async_sinatra (~> 0.5.0)
      em-http-request (~> 0.3.0)
      em-websocket (~> 0.3.1)
      json (~> 1.6.1)
      uuidtools (~> 2.1.2)
    cfoundry (0.4.12)
      multi_json (~> 1.3)
      multipart-post (~> 1.1)
      rubyzip (~> 0.9)
    clouseau (0.0.2)
      rubyzip (~> 0.9.9)
    diff-lcs (1.1.3)
    em-http-request (0.3.0)
      addressable (>= 2.0.0)
      escape_utils
      eventmachine (>= 0.12.9)
    em-websocket (0.3.8)
      addressable (>= 2.1.1)
      eventmachine (>= 0.12.9)
    escape_utils (0.2.4)
    eventmachine (1.0.0)
    interact (0.5.0)
    json (1.6.7)
    json_pure (1.7.5)
    manifests-vmc-plugin (0.4.18)
      cfoundry (~> 0.4.0)
    mime-types (1.19)
    mothership (0.4.0)
    multi_json (1.5.0)
    multipart-post (1.1.5)
    rack (1.4.1)
    rack-protection (1.3.2)
      rack
    rake (10.0.3)
    rest-client (1.6.7)
      mime-types (>= 1.16)
    rspec (2.12.0)
      rspec-core (~> 2.12.0)
      rspec-expectations (~> 2.12.0)
      rspec-mocks (~> 2.12.0)
    rspec-core (2.12.2)
    rspec-expectations (2.12.0)
      diff-lcs (~> 1.1.3)
    rspec-mocks (2.12.0)
    rubyzip (0.9.9)
    sinatra (1.3.3)
      rack (~> 1.3, >= 1.3.6)
      rack-protection (~> 1.2)
      tilt (~> 1.3, >= 1.3.3)
    tilt (1.3.3)
    tunnel-dummy-vmc-plugin (0.0.2)
      cfoundry (~> 0.4.0)
    uuidtools (2.1.3)
    vmc (0.5.0.beta.2)
      cfoundry (~> 0.4.11)
      clouseau (~> 0.0.2)
      interact (~> 0.5.0)
      json_pure (~> 1.6)
      manifests-vmc-plugin (~> 0.4.18)
      mothership (~> 0.4.0)
      multi_json (~> 1.3)
      tunnel-dummy-vmc-plugin (~> 0.0.2)

PLATFORMS
  ruby

DEPENDENCIES
  rake
  rspec (~> 2.0)
  tunnel-vmc-plugin!
  vmc (>= 0.4.0.beta.42)
